PATH
  remote: .
  specs:
    layer-handler (0.1.1)

GEM
  remote: https://rubygems.org/
  specs:

PLATFORMS
  ruby

DEPENDENCIES
  layer-handler!

BUNDLED WITH
   1.12.5
